GEM
  remote: http://rubygems.org/
  specs:
    childprocess (0.3.9)
      ffi (~> 1.0, >= 1.0.11)
    color (1.4.1)
    domain_name (0.5.10)
      unf (>= 0.0.5, < 1.0.0)
    fastercsv (1.5.5)
    ffi (1.7.0)
    ffi (1.7.0-x86-mingw32)
    headless (1.0.1)
    httparty (0.11.0)
      multi_json (~> 1.0)
      multi_xml (>= 0.5.2)
    ipaddress (0.8.0)
    kramdown (1.0.1)
    mechanize (2.6.0)
      domain_name (~> 0.5, >= 0.5.1)
      mime-types (~> 1.17, >= 1.17.2)
      net-http-digest_auth (~> 1.1, >= 1.1.1)
      net-http-persistent (~> 2.5, >= 2.5.2)
      nokogiri (~> 1.4)
      ntlm-http (~> 0.1, >= 0.1.1)
      webrobots (>= 0.0.9, < 0.2)
    mime-types (1.22)
    mini_portile (0.6.2)
    multi_json (1.7.2)
    multi_xml (0.5.3)
    nessus-xmlrpc (0.5.0)
    net-http-digest_auth (1.3)
    net-http-persistent (2.8)
    nmap-parser (0.3.5)
    nokogiri (1.6.6.2)
      mini_portile (~> 0.6.0)
    nokogiri (1.6.6.2-x86-mingw32)
      mini_portile (~> 0.6.0)
    ntlm-http (0.1.1)
    pdf-writer (1.1.8)
      color (>= 1.4.0)
      transaction-simple (~> 1.3)
    rprogram (0.3.2)
    rtf (0.3.3)
    ruby-nmap (0.7.0)
      nokogiri (~> 1.3)
      rprogram (~> 0.3)
    rubyXL (1.2.10)
    rubyzip (0.9.9)
    ruport (1.6.3)
      fastercsv
      pdf-writer (= 1.1.8)
    selenium-webdriver (2.32.1)
      childprocess (>= 0.2.5)
      multi_json (~> 1.0)
      rubyzip
      websocket (~> 1.0.4)
    transaction-simple (1.4.0.2)
    unf (0.1.1)
      unf_ext
    unf_ext (0.0.6)
    unf_ext (0.0.6-x86-mingw32)
    webrobots (0.1.1)
    websocket (1.0.7)

PLATFORMS
  ruby
  x86-mingw32

DEPENDENCIES
  headless
  httparty
  ipaddress
  kramdown
  mechanize
  nessus-xmlrpc
  nmap-parser
  nokogiri (>= 1.6.6.2)
  rtf
  ruby-nmap
  rubyXL
  rubyzip
  ruport
  selenium-webdriver
