GEM
  remote: http://rubygems.org/
  specs:
    childprocess (0.5.5)
      ffi (~> 1.0, >= 1.0.11)
    coderay (1.1.0)
    color (1.7.1)
    domain_name (0.5.23)
      unf (>= 0.0.5, < 1.0.0)
    fastercsv (1.5.5)
    ffi (1.9.8)
    ffi (1.9.8-x64-mingw32)
    headless (1.0.2)
    http-cookie (1.0.2)
      domain_name (~> 0.5)
    httparty (0.13.3)
      json (~> 1.8)
      multi_xml (>= 0.5.2)
    ipaddress (0.8.0)
    json (1.8.2)
    kramdown (1.6.0)
    mechanize (2.7.3)
      domain_name (~> 0.5, >= 0.5.1)
      http-cookie (~> 1.0)
      mime-types (~> 2.0)
      net-http-digest_auth (~> 1.1, >= 1.1.1)
      net-http-persistent (~> 2.5, >= 2.5.2)
      nokogiri (~> 1.4)
      ntlm-http (~> 0.1, >= 0.1.1)
      webrobots (>= 0.0.9, < 0.2)
    method_source (0.8.2)
    mime-types (2.4.3)
    mini_portile (0.6.2)
    multi_json (1.11.0)
    multi_xml (0.5.5)
    nessus-xmlrpc (0.5.0)
    net-http-digest_auth (1.4)
    net-http-persistent (2.9.4)
    nmap-parser (0.3.5)
    nokogiri (1.6.6.2)
      mini_portile (~> 0.6.0)
    nokogiri (1.6.6.2-x64-mingw32)
      mini_portile (~> 0.6.0)
    ntlm-http (0.1.1)
    pdf-writer (1.1.8)
      color (>= 1.4.0)
      transaction-simple (~> 1.3)
    pry (0.10.1)
      coderay (~> 1.1.0)
      method_source (~> 0.8.1)
      slop (~> 3.4)
    pry (0.10.1-x64-mingw32)
      coderay (~> 1.1.0)
      method_source (~> 0.8.1)
      slop (~> 3.4)
      win32console (~> 1.3)
    rprogram (0.3.2)
    rtf (0.3.3)
    ruby-nmap (0.7.0)
      nokogiri (~> 1.3)
      rprogram (~> 0.3)
    rubyXL (3.3.7)
      nokogiri (>= 1.4.4)
      rubyzip (>= 1.1.6)
    rubyzip (1.1.7)
    ruport (1.6.3)
      fastercsv
      pdf-writer (= 1.1.8)
    selenium-webdriver (2.45.0)
      childprocess (~> 0.5)
      multi_json (~> 1.0)
      rubyzip (~> 1.0)
      websocket (~> 1.0)
    slop (3.6.0)
    transaction-simple (1.4.0.2)
    unf (0.1.4)
      unf_ext
    unf_ext (0.0.6)
    webrobots (0.1.1)
    websocket (1.2.1)
    win32console (1.3.2)

PLATFORMS
  ruby
  x64-mingw32

DEPENDENCIES
  headless
  httparty
  ipaddress
  kramdown
  mechanize
  nessus-xmlrpc
  nmap-parser
  nokogiri (>= 1.6.6.2)
  pry
  rtf
  ruby-nmap
  rubyXL
  rubyzip
  ruport
  selenium-webdriver
